GIT
  remote: https://github.com/airblade/paper_trail.git
  revision: 626d0a6772ab161ee74504ac7e3c451a6a73484b
  specs:
    paper_trail (8.0.0)
      activerecord (>= 4.2, < 5.2)
      request_store (~> 1.1)

GIT
  remote: https://github.com/airbrake/airbrake.git
  revision: 18c508650d6b04ca5c7ef79ec5d061c7250c788a
  specs:
    airbrake (7.1.0)
      airbrake-ruby (~> 2.5)

GIT
  remote: https://github.com/bbatsov/rubocop.git
  revision: 9e0e8a5e0a5d94205ffcfdfe17eaee8e77080d04
  specs:
    rubocop (0.51.0)
      parallel (~> 1.10)
      parser (>= 2.3.3.1, < 3.0)
      powerpack (~> 0.1)
      rainbow (>= 2.2.2, < 3.0)
      ruby-progressbar (~> 1.7)
      unicode-display_width (~> 1.0, >= 1.0.1)

GIT
  remote: https://github.com/bblimke/webmock.git
  revision: 16de1cd3bacafa3e53d30a90f7d532b0775e86da
  specs:
    webmock (3.1.0)
      addressable (>= 2.3.6)
      crack (>= 0.3.2)
      hashdiff

GIT
  remote: https://github.com/brainspec/enumerize.git
  revision: 1a1419f47e482b66671e39bde629d49a9c7aba70
  specs:
    enumerize (2.1.2)
      activesupport (>= 3.2)

GIT
  remote: https://github.com/discourse/mini_racer.git
  revision: 5be2afe1b4dd282956e666821db704dceab6777d
  specs:
    mini_racer (0.1.14)
      libv8 (~> 5.9)

GIT
  remote: https://github.com/flyerhzm/bullet.git
  revision: e134a2b80f8f29408c90f5f8f4b5453f2d0c9af1
  specs:
    bullet (5.6.1)
      activesupport (>= 3.0.0)
      uniform_notifier (~> 1.10.0)

GIT
  remote: https://github.com/freerange/mocha.git
  revision: 065cacd6e6b87d9852a6740393d3cdba3570773f
  specs:
    mocha (1.3.0)
      metaclass (~> 0.0.1)

GIT
  remote: https://github.com/ged/ruby-pg.git
  revision: ddcff61dd014c918788fd041d9ac4b594200b3fe
  specs:
    pg (0.21.0.pre20170612111428)

GIT
  remote: https://github.com/guard/guard.git
  revision: b66f9fe34599073cfc2139a1c180a77966b92daa
  specs:
    guard (2.14.1)
      formatador (>= 0.2.4)
      listen (>= 2.7, < 4.0)
      lumberjack (>= 1.0.12, < 2.0)
      nenv (~> 0.1)
      notiffany (~> 0.0)
      pry (>= 0.9.12)
      shellany (~> 0.0)
      thor (>= 0.18.1)

GIT
  remote: https://github.com/guard/listen.git
  revision: 46a6adb29153253c4c2043f7e31dd7d091e17361
  specs:
    listen (3.1.5)
      rb-fsevent (~> 0.9, >= 0.9.4)
      rb-inotify (~> 0.9, >= 0.9.7)
      ruby_dep (~> 1.2)

GIT
  remote: https://github.com/jonleighton/spring-watcher-listen.git
  revision: c4bfe15805867e229588e4b776a7b87438137094
  specs:
    spring-watcher-listen (2.0.1)
      listen (>= 2.7, < 4.0)
      spring (>= 1.2, < 3.0)

GIT
  remote: https://github.com/kaminari/kaminari.git
  revision: 0ff8c3094d720dfeb683f9c398a7d9c50ca4b04f
  specs:
    kaminari (1.1.1)
      activesupport (>= 4.1.0)
      kaminari-actionview (= 1.1.1)
      kaminari-activerecord (= 1.1.1)
      kaminari-core (= 1.1.1)
    kaminari-actionview (1.1.1)
      actionview
      kaminari-core (= 1.1.1)
    kaminari-activerecord (1.1.1)
      activerecord
      kaminari-core (= 1.1.1)
    kaminari-core (1.1.1)

GIT
  remote: https://github.com/lautis/uglifier.git
  revision: 1e6cb2b156ed5b4259fa02f40894a1b2568f291b
  specs:
    uglifier (3.2.0)
      execjs (>= 0.3.0, < 3)

GIT
  remote: https://github.com/macournoyer/thin.git
  revision: f83ab677f008afcfabcdfa8930225f6cea88f461
  specs:
    thin (1.7.2)
      daemons (~> 1.0, >= 1.0.9)
      eventmachine (~> 1.0, >= 1.0.4)
      rack (>= 1, < 3)

GIT
  remote: https://github.com/plataformatec/simple_form.git
  revision: f98b158a605f9a76dd0a4f60ae8549a3c5f863a5
  specs:
    simple_form (3.5.0)
      actionpack (> 4, < 5.2)
      activemodel (> 4, < 5.2)

GIT
  remote: https://github.com/presidentbeef/brakeman.git
  revision: a39c5d4451357cc52d17a4aeaddbd13ab6ca01dd
  specs:
    brakeman (4.0.1)
      erubis (~> 2.6)
      haml (>= 3.0, < 5.0)
      highline (>= 1.6.20, < 2.0)
      ruby2ruby (~> 2.4.0)
      ruby_parser (~> 3.10.0)
      safe_yaml (>= 1.0)
      sass (~> 3.0, < 3.5.0)
      sexp_processor (~> 4.7)
      slim (>= 1.3.6, < 3.0.8)
      terminal-table (~> 1.4)

GIT
  remote: https://github.com/rails/sass-rails.git
  revision: dd04a6a6d19cbd7cfd2f9d304a445444e0b88a19
  specs:
    sass-rails (6.0.0.beta1)
      railties (>= 4.0.0, < 6)
      sass (~> 3.4)
      sprockets (~> 4.x)
      sprockets-rails (< 4.0)

GIT
  remote: https://github.com/rails/spring.git
  revision: f0d2d65afd715cb0103af9e31ecfcee7f2d2c825
  specs:
    spring (2.0.2)
      activesupport (>= 4.2)

GIT
  remote: https://github.com/rails/sprockets-rails.git
  revision: 58473062db8ccf5f49d18a5ed16d67336d34f850
  specs:
    sprockets-rails (3.2.1)
      actionpack (>= 4.0)
      activesupport (>= 4.0)
      sprockets (>= 3.0.0)

GIT
  remote: https://github.com/rubysec/bundler-audit.git
  revision: 06e6077aaaed3744915b1dda71effeea2ea41751
  specs:
    bundler-audit (0.6.0)
      bundler (~> 1.2)
      thor (~> 0.18)

GIT
  remote: https://github.com/rubysherpas/paranoia.git
  revision: ea0a0ceec472a73507bb10e94bb2f80bc75b38db
  branch: core
  specs:
    paranoia (2.3.1)
      activerecord (>= 4.0, < 5.2)

GIT
  remote: https://github.com/rweng/pry-rails.git
  revision: ef8af581b4e46bbda423ca390909e95ef071104f
  specs:
    pry-rails (0.3.6)
      pry (>= 0.10.4)

GIT
  remote: https://github.com/stympy/faker.git
  revision: be8fc6741bbcec08782208ec7068e889cc16e7e6
  specs:
    faker (1.8.4)
      i18n (~> 0.5)

GIT
  remote: https://github.com/teamcapybara/capybara.git
  revision: 3bb555adb65ec1b50fd40ca369813fca4080c24d
  specs:
    capybara (2.15.4)
      addressable
      mini_mime (>= 0.1.3)
      nokogiri (>= 1.3.3)
      rack (>= 1.0.0)
      rack-test (>= 0.5.4)
      xpath (~> 2.0)

GIT
  remote: https://github.com/thoughtbot/bourbon.git
  revision: 7ef23d20624af282c5d7fd963814471593880498
  specs:
    bourbon (5.0.0.beta.8)
      sass (~> 3.4)
      thor (~> 0.19)

GIT
  remote: https://github.com/voormedia/rails-erd.git
  revision: 531cfc8d8399fb2c8b4fd3834d17976e0fc6550e
  specs:
    rails-erd (1.5.2)
      activerecord (>= 3.2)
      activesupport (>= 3.2)
      choice (~> 0.2.0)
      ruby-graphviz (~> 1.2)

GEM
  remote: https://rubygems.org/
  specs:
    actioncable (5.1.4)
      actionpack (= 5.1.4)
      nio4r (~> 2.0)
      websocket-driver (~> 0.6.1)
    actionmailer (5.1.4)
      actionpack (= 5.1.4)
      actionview (= 5.1.4)
      activejob (= 5.1.4)
      mail (~> 2.5, >= 2.5.4)
      rails-dom-testing (~> 2.0)
    actionpack (5.1.4)
      actionview (= 5.1.4)
      activesupport (= 5.1.4)
      rack (~> 2.0)
      rack-test (>= 0.6.3)
      rails-dom-testing (~> 2.0)
      rails-html-sanitizer (~> 1.0, >= 1.0.2)
    actionview (5.1.4)
      activesupport (= 5.1.4)
      builder (~> 3.1)
      erubi (~> 1.4)
      rails-dom-testing (~> 2.0)
      rails-html-sanitizer (~> 1.0, >= 1.0.3)
    activejob (5.1.4)
      activesupport (= 5.1.4)
      globalid (>= 0.3.6)
    activemodel (5.1.4)
      activesupport (= 5.1.4)
    activerecord (5.1.4)
      activemodel (= 5.1.4)
      activesupport (= 5.1.4)
      arel (~> 8.0)
    activesupport (5.1.4)
      concurrent-ruby (~> 1.0, >= 1.0.2)
      i18n (~> 0.7)
      minitest (~> 5.1)
      tzinfo (~> 1.1)
    addressable (2.5.2)
      public_suffix (>= 2.0.2, < 4.0)
    airbrake-ruby (2.5.0)
    arel (8.0.0)
    ast (2.3.0)
    auto_strip_attributes (2.2.0)
      activerecord (>= 3.0)
    better_errors (2.4.0)
      coderay (>= 1.0.0)
      erubi (>= 1.0.0)
      rack (>= 0.9.0)
    binding_of_caller (0.7.3)
      debug_inspector (>= 0.0.1)
    builder (3.2.3)
    childprocess (0.8.0)
      ffi (~> 1.0, >= 1.0.11)
    choice (0.2.0)
    coderay (1.1.2)
    coffee-rails (4.2.2)
      coffee-script (>= 2.2.0)
      railties (>= 4.0.0)
    coffee-script (2.4.1)
      coffee-script-source
      execjs
    coffee-script-source (1.12.2)
    concurrent-ruby (1.0.5)
    crack (0.4.3)
      safe_yaml (~> 1.0.0)
    crass (1.0.2)
    daemons (1.2.5)
    debug_inspector (0.0.3)
    dot (0.1.0)
    dotenv (2.2.1)
    dotenv-rails (2.2.1)
      dotenv (= 2.2.1)
      railties (>= 3.2, < 5.2)
    erubi (1.7.0)
    erubis (2.7.0)
    eventmachine (1.2.5)
    execjs (2.7.0)
    ffi (1.9.18)
    formatador (0.2.5)
    globalid (0.4.0)
      activesupport (>= 4.2.0)
    guard-brakeman (0.8.3)
      brakeman (>= 2.1.1)
      guard (>= 2.0.0)
    guard-bundler (2.1.0)
      bundler (~> 1.0)
      guard (~> 2.2)
      guard-compat (~> 1.1)
    guard-coffeescript (2.0.1)
      coffee-script (>= 2.2.0)
      guard (>= 2.1.0)
      guard-compat (~> 1.1)
    guard-compat (1.2.1)
    guard-migrate (2.0.0)
      activerecord (>= 4.1.0)
      guard (~> 2.3)
      guard-compat (~> 1.1)
    guard-minitest (2.4.6)
      guard-compat (~> 1.2)
      minitest (>= 3.0)
    guard-rails (0.8.1)
      guard (~> 2.11)
      guard-compat (~> 1.0)
    guard-rubocop (1.3.0)
      guard (~> 2.0)
      rubocop (~> 0.20)
    guard-sass (1.6.1)
      guard (>= 2.8.0)
      sass (>= 3.1)
    haml (4.0.7)
      tilt
    hashdiff (0.3.7)
    highline (1.7.8)
    i18n (0.9.0)
      concurrent-ruby (~> 1.0)
    libv8 (5.9.211.38.1)
    lograge (0.7.1)
      actionpack (>= 4, < 5.2)
      activesupport (>= 4, < 5.2)
      railties (>= 4, < 5.2)
      request_store (~> 1.0)
    loofah (2.1.1)
      crass (~> 1.0.2)
      nokogiri (>= 1.5.9)
    lumberjack (1.0.12)
    mail (2.6.6)
      mime-types (>= 1.16, < 4)
    metaclass (0.0.4)
    method_source (0.9.0)
    mime-types (3.1)
      mime-types-data (~> 3.2015)
    mime-types-data (3.2016.0521)
    mini_mime (0.1.4)
    mini_portile2 (2.3.0)
    minitest (5.10.3)
    nenv (0.3.0)
    nio4r (2.1.0)
    nokogiri (1.8.1)
      mini_portile2 (~> 2.3.0)
    notiffany (0.1.1)
      nenv (~> 0.1)
      shellany (~> 0.0)
    parallel (1.12.0)
    parser (2.4.0.0)
      ast (~> 2.2)
    powerpack (0.1.1)
    pry (0.11.2)
      coderay (~> 1.1.0)
      method_source (~> 0.9.0)
    public_suffix (3.0.0)
    rack (2.0.3)
    rack-test (0.7.0)
      rack (>= 1.0, < 3)
    rails (5.1.4)
      actioncable (= 5.1.4)
      actionmailer (= 5.1.4)
      actionpack (= 5.1.4)
      actionview (= 5.1.4)
      activejob (= 5.1.4)
      activemodel (= 5.1.4)
      activerecord (= 5.1.4)
      activesupport (= 5.1.4)
      bundler (>= 1.3.0)
      railties (= 5.1.4)
      sprockets-rails (>= 2.0.0)
    rails-dom-testing (2.0.3)
      activesupport (>= 4.2.0)
      nokogiri (>= 1.6)
    rails-html-sanitizer (1.0.3)
      loofah (~> 2.0)
    railties (5.1.4)
      actionpack (= 5.1.4)
      activesupport (= 5.1.4)
      method_source
      rake (>= 0.8.7)
      thor (>= 0.18.1, < 2.0)
    rainbow (2.2.2)
      rake
    rake (12.1.0)
    rb-fsevent (0.10.2)
    rb-inotify (0.9.10)
      ffi (>= 0.5.0, < 2)
    request_store (1.3.2)
    ruby-graphviz (1.2.3)
    ruby-progressbar (1.9.0)
    ruby2ruby (2.4.0)
      ruby_parser (~> 3.1)
      sexp_processor (~> 4.6)
    ruby_dep (1.5.0)
    ruby_parser (3.10.1)
      sexp_processor (~> 4.9)
    rubyzip (1.2.1)
    safe_yaml (1.0.4)
    sass (3.4.25)
    selenium-webdriver (3.6.0)
      childprocess (~> 0.5)
      rubyzip (~> 1.0)
    sexp_processor (4.10.0)
    shellany (0.0.1)
    slim (3.0.7)
      temple (~> 0.7.6)
      tilt (>= 1.3.3, < 2.1)
    sprockets (4.0.0.beta5)
      concurrent-ruby (~> 1.0)
      rack (> 1, < 3)
    temple (0.7.7)
    terminal-table (1.8.0)
      unicode-display_width (~> 1.1, >= 1.1.1)
    thor (0.20.0)
    thread_safe (0.3.6)
    tilt (2.0.8)
    turbolinks (5.0.1)
      turbolinks-source (~> 5)
    turbolinks-source (5.0.3)
    tzinfo (1.2.3)
      thread_safe (~> 0.1)
    unicode-display_width (1.3.0)
    uniform_notifier (1.10.0)
    websocket-driver (0.6.5)
      websocket-extensions (>= 0.1.0)
    websocket-extensions (0.1.2)
    xpath (2.1.0)
      nokogiri (~> 1.3)

PLATFORMS
  ruby

DEPENDENCIES
  airbrake!
  auto_strip_attributes
  better_errors
  binding_of_caller
  bourbon!
  brakeman!
  bullet!
  bundler-audit!
  capybara!
  coffee-rails
  dot
  dotenv-rails
  enumerize!
  faker!
  guard!
  guard-brakeman
  guard-bundler
  guard-coffeescript
  guard-migrate
  guard-minitest
  guard-rails
  guard-rubocop
  guard-sass
  kaminari!
  listen!
  lograge
  mini_racer!
  minitest
  mocha!
  paper_trail!
  paranoia!
  pg!
  pry-rails!
  rails (~> 5.1)
  rails-erd!
  rubocop!
  sass
  sass-rails!
  selenium-webdriver
  simple_form!
  spring!
  spring-watcher-listen!
  sprockets-rails!
  thin!
  turbolinks
  uglifier!
  webmock!

RUBY VERSION
   ruby 2.4.2p198

BUNDLED WITH
   1.16.0.pre.3
